PATH
  remote: .
  specs:
    docparser-ruby (0.1.0)

GEM
  remote: https://rubygems.org/
  specs:
    diff-lcs (1.3)
    rake (13.0.1)
    rspec (3.9.0)
      rspec-core (~> 3.9.0)
      rspec-expectations (~> 3.9.0)
      rspec-mocks (~> 3.9.0)
    rspec-core (3.9.0)
      rspec-support (~> 3.9.0)
    rspec-expectations (3.9.0)
      diff-lcs (>= 1.2.0, < 2.0)
      rspec-support (~> 3.9.0)
    rspec-mocks (3.9.0)
      diff-lcs (>= 1.2.0, < 2.0)
      rspec-support (~> 3.9.0)
    rspec-support (3.9.0)
    sorbet (0.4.4842)
      sorbet-static (= 0.4.4842)
    sorbet-runtime (0.4.4842)
    sorbet-static (0.4.4842-universal-darwin-14)

PLATFORMS
  ruby

DEPENDENCIES
  bundler (~> 2.0)
  docparser-ruby!
  rake (~> 13.0)
  rspec (~> 3.0)
  sorbet
  sorbet-runtime

BUNDLED WITH
   2.0.2
